GEM
  remote: https://rubygems.org/
  specs:
    ffi (1.7.0)
    pi_piper (1.3.1)
      ffi

PLATFORMS
  ruby

DEPENDENCIES
  pi_piper
